GEM
  remote: https://rubygems.org/
  specs:
    diff-lcs (1.1.3)
    faraday (0.8.4)
      multipart-post (~> 1.1)
    multi_json (1.3.6)
    multipart-post (1.1.5)
    rack (1.4.1)
    rspec (2.11.0)
      rspec-core (~> 2.11.0)
      rspec-expectations (~> 2.11.0)
      rspec-mocks (~> 2.11.0)
    rspec-core (2.11.1)
    rspec-expectations (2.11.3)
      diff-lcs (~> 1.1.3)
    rspec-mocks (2.11.3)
    sham_rack (1.3.4)
      rack
    terminal-table (1.4.5)

PLATFORMS
  ruby

DEPENDENCIES
  faraday (~> 0.8.4)
  multi_json (~> 1.3.6)
  rspec (~> 2.11)
  sham_rack (~> 1.3.4)
  terminal-table (~> 1.4.5)
